GEM
  remote: https://rubygems.org/
  specs:
    backports (3.6.7)
    daemons (1.2.3)
    eventmachine (1.0.9.1)
    multi_json (1.11.2)
    rack (1.6.4)
    rack-protection (1.5.3)
      rack
    rack-ssl-enforcer (0.2.9)
    rack-test (0.6.3)
      rack (>= 1.0)
    rdiscount (2.1.8)
    secure_headers (3.6.1)
      useragent
    sinatra (1.4.7)
      rack (~> 1.5)
      rack-protection (~> 1.4)
      tilt (>= 1.3, < 3)
    sinatra-contrib (1.4.6)
      backports (>= 2.0)
      multi_json
      rack-protection
      rack-test
      sinatra (~> 1.4.0)
      tilt (>= 1.3, < 3)
    thin (1.6.4)
      daemons (~> 1.0, >= 1.0.9)
      eventmachine (~> 1.0, >= 1.0.4)
      rack (~> 1.0)
    tilt (2.0.2)
    useragent (0.16.8)

PLATFORMS
  ruby

DEPENDENCIES
  rack-ssl-enforcer
  rdiscount
  secure_headers
  sinatra
  sinatra-contrib
  thin

BUNDLED WITH
   1.13.6
